GEM
  remote: http://rubygems.org/
  specs:
    allison (2.0.3)
    echoe (4.5.1)
      allison
      gemcutter
      rubyforge
    gemcutter (0.6.1)
    json_pure (1.5.1)
    rake (0.8.7)
    rubyforge (2.0.4)
      json_pure (>= 1.1.7)

PLATFORMS
  ruby

DEPENDENCIES
  echoe
  rake
